GEM
  remote: https://rubygems.org/
  specs:
    chunky_png (1.2.9)
    compass (0.12.2)
      chunky_png (~> 1.2)
      fssm (>= 0.2.7)
      sass (~> 3.1)
    compass-normalize (1.4.3)
      compass (>= 0.12.0)
    fssm (0.2.10)
    listen (0.7.3)
    sass (3.3.0.alpha.149)
      listen (~> 0.7)

PLATFORMS
  ruby

DEPENDENCIES
  compass (= 0.12.2)
  compass-normalize
  sass (= 3.3.0.alpha.149)
